GEM
  remote: http://rubygems.org/
  specs:
    bio (1.4.2)
    curb (0.8.0)
    git (1.2.5)
    jeweler (1.8.3)
      bundler (~> 1.0)
      git (>= 1.2.5)
      rake
      rdoc
    json (1.7.3)
    nokogiri (1.5.5)
    rake (0.9.2.2)
    rdoc (3.12)
      json (~> 1.4)
    shoulda (3.0.1)
      shoulda-context (~> 1.0.0)
      shoulda-matchers (~> 1.0.0)
    shoulda-context (1.0.0)
    shoulda-matchers (1.0.0)

PLATFORMS
  ruby

DEPENDENCIES
  bio (>= 1.4.2)
  bundler (>= 1.0.0)
  curb
  jeweler (~> 1.8.3)
  nokogiri (~> 1.5.5)
  rdoc (~> 3.12)
  shoulda
